GIT
  remote: git@github.com:cosmo0920/serverspec.git
  revision: d036c504420637e415c695df511b82ff7ffba887
  branch: add-ubuntu-ppa
  specs:
    serverspec (1.6.0)
      highline
      net-ssh
      rspec (~> 2.13)
      specinfra (~> 1.11)

GIT
  remote: git@github.com:cosmo0920/specinfra.git
  revision: 570ef08ef2e561525382af1309864b80d585e6d6
  branch: add-ppa-repo-check-methods
  specs:
    specinfra (1.12.0)

GEM
  remote: https://rubygems.org/
  specs:
    diff-lcs (1.2.5)
    highline (1.6.21)
    net-ssh (2.9.1)
    rspec (2.14.1)
      rspec-core (~> 2.14.0)
      rspec-expectations (~> 2.14.0)
      rspec-mocks (~> 2.14.0)
    rspec-core (2.14.8)
    rspec-expectations (2.14.5)
      diff-lcs (>= 1.1.3, < 2.0)
    rspec-mocks (2.14.6)

PLATFORMS
  ruby

DEPENDENCIES
  serverspec!
  specinfra!
